GEM
  remote: https://rubygems.org/
  specs:
    eventmachine (1.2.2)
    faraday (0.11.0)
      multipart-post (>= 1.2, < 3)
    faraday_middleware (0.11.0.1)
      faraday (>= 0.7.4, < 1.0)
    faye-websocket (0.10.6)
      eventmachine (>= 0.12.0)
      websocket-driver (>= 0.5.1)
    multipart-post (2.0.0)
    slack-ruby (1.1.0)
      faraday (~> 0.9)
      faraday_middleware
    websocket-driver (0.6.5)
      websocket-extensions (>= 0.1.0)
    websocket-extensions (0.1.2)

PLATFORMS
  ruby

DEPENDENCIES
  eventmachine
  faraday
  faye-websocket
  slack-ruby

BUNDLED WITH
   1.14.3
